GEM
  remote: https://rubygems.org/
  specs:
    json (1.7.7)
    kgio (2.9.2)
    rack (1.5.2)
    rack-protection (1.3.2)
      rack
    raindrops (0.13.0)
    sinatra (1.3.5)
      rack (~> 1.4)
      rack-protection (~> 1.3)
      tilt (~> 1.3, >= 1.3.3)
    tilt (1.3.3)
    unicorn (4.8.3)
      kgio (~> 2.6)
      rack
      raindrops (~> 0.7)

PLATFORMS
  ruby

DEPENDENCIES
  json
  sinatra
  unicorn
